GEM
  remote: https://rubygems.org/
  specs:
    hoe (3.5.2)
      rake (>= 0.8, < 11.0)
    json (1.7.7)
    little-plugger (1.1.3)
    logging (1.8.0)
      little-plugger (>= 1.1.3)
      multi_json (>= 1.3.6)
    multi_json (1.3.7)
    plist (3.1.0)
    rake (10.0.3)
    rdoc (3.12.2)
      json (~> 1.4)

PLATFORMS
  ruby

DEPENDENCIES
  hoe (~> 3.5)
  logging (~> 1.8.0)
  plist (~> 3.1.0)
  rdoc (~> 3.10)
